GEM
  remote: https://rubygems.org/
  specs:
    addressable (2.3.2)
    airplay (0.2.9)
      dnssd (~> 2.0)
      net-http-digest_auth (~> 1.2)
      net-http-persistent (>= 2.6)
    color_debug_messages (1.1.3)
      term-ansicolor (>= 1.0.4)
    dnssd (2.0)
    easy_mplayer (1.2.1)
      color_debug_messages (>= 1.1.2)
      facets (>= 2.8.0)
    facets (2.9.3)
    highline (1.6.15)
    json (1.7.4)
    mime-types (1.19)
    net-http-digest_auth (1.2.1)
    net-http-persistent (2.8)
    open4 (1.3.0)
    rest-client (1.6.7)
      mime-types (>= 1.16)
    ruby-mp3info (0.7.1)
    streamio-ffmpeg (0.9.0)
    term-ansicolor (1.0.7)

PLATFORMS
  ruby

DEPENDENCIES
  addressable
  airplay
  easy_mplayer
  highline
  json
  open4
  rest-client
  ruby-mp3info
  streamio-ffmpeg
