GEM
  remote: https://rubygems.org/
  specs:
    glib2 (1.1.6)
      pkg-config
    gstreamer (1.1.6)
      glib2 (>= 1.1.6)
    highline (1.6.15)
    json (1.7.4)
    mime-types (1.19)
    multi_json (1.4.0)
    multipart-post (1.1.5)
    pkg-config (1.1.4)
    rack (1.4.1)
    rest-client (1.6.7)
      mime-types (>= 1.16)
    streamio (1.0.6)
      multi_json (~> 1.3)
      multipart-post (~> 1.1)
      rack (~> 1.0)

PLATFORMS
  ruby

DEPENDENCIES
  glib2
  gstreamer
  highline
  json
  rest-client
  streamio
