GEM
  remote: https://rubygems.org/
  specs:
    addressable (2.3.2)
    highline (1.6.15)
    json (1.7.4)
    mime-types (1.19)
    open4 (1.3.0)
    rest-client (1.6.7)
      mime-types (>= 1.16)
    ruby-mp3info (0.7.1)
    streamio-ffmpeg (0.9.0)

PLATFORMS
  ruby

DEPENDENCIES
  addressable
  highline
  json
  open4
  rest-client
  ruby-mp3info
  streamio-ffmpeg
