GEM
  remote: https://rubygems.org/
  specs:
    addressable (2.3.2)
    ffi (1.2.0)
    glib2 (1.1.6)
      pkg-config
    gstreamer (1.1.6)
      glib2 (>= 1.1.6)
    highline (1.6.15)
    json (1.7.4)
    librtmp (0.1.4)
      ffi
    mime-types (1.19)
    open4 (1.3.0)
    pkg-config (1.1.4)
    rest-client (1.6.7)
      mime-types (>= 1.16)
    ruby-mp3info (0.7.1)
    streamio-ffmpeg (0.9.0)
    trollop (1.16.2)
    vlcrc (0.2.0)
      trollop (~> 1.16.2)

PLATFORMS
  ruby

DEPENDENCIES
  addressable
  glib2
  gstreamer
  highline
  json
  librtmp (~> 0.1.4)
  open4
  rest-client
  ruby-mp3info
  streamio-ffmpeg
  vlcrc
